GEM
  remote: https://rubygems.org/
  specs:
    activesupport (4.2.0)
      i18n (~> 0.7)
      json (~> 1.7, >= 1.7.7)
      minitest (~> 5.1)
      thread_safe (~> 0.3, >= 0.3.4)
      tzinfo (~> 1.1)
    chrono (0.0.4)
      activesupport
    docomoru (0.1.0)
      activesupport
      faraday
      faraday_middleware
      json
      rack
      slop
    dotenv (1.0.2)
    faraday (0.9.0)
      multipart-post (>= 1.2, < 3)
    faraday_middleware (0.9.1)
      faraday (>= 0.7.4, < 0.10)
    i18n (0.7.0)
    json (1.8.1)
    mem (0.1.5)
    minitest (5.5.0)
    multipart-post (2.0.0)
    rack (1.6.0)
    redis (3.2.0)
    redis-namespace (1.5.1)
      redis (~> 3.0, >= 3.0.4)
    ruboty (1.1.2)
      activesupport
      bundler
      dotenv
      mem
      slop
    ruboty-cron (0.0.9)
      activesupport
      chrono
      ruboty (>= 0.2.0)
    ruboty-gen (1.2.0)
      bundler (~> 1.7)
      ruboty
    ruboty-mpush (0.0.0)
      ruboty
    ruboty-redis (0.0.5)
      redis
      redis-namespace
      ruboty
    ruboty-ruby_eval (0.0.0)
      ruboty
    ruboty-talk (0.0.4)
      docomoru (>= 0.0.3)
      ruboty (>= 1.1.0)
    slop (3.6.0)
    thread_safe (0.3.4)
    tzinfo (1.2.2)
      thread_safe (~> 0.1)

PLATFORMS
  ruby

DEPENDENCIES
  ruboty
  ruboty-cron
  ruboty-gen
  ruboty-mpush
  ruboty-redis
  ruboty-ruby_eval
  ruboty-talk
